NUGET
  remote: https://www.nuget.org/api/v2
    NUnit (3.12) - restriction: >= net47
